GIT
  remote: git@github.com:HungryAcademyTeam4/sinatra-google-auth.git
  revision: 55af0a51f95c7d9517f89039944b1232cc20f80f
  specs:
    sinatra-google-auth (0.0.5)
      omniauth-openid

GEM
  remote: http://rubygems.org/
  remote: http://gemcutter.org/
  specs:
    activemodel (3.2.4)
      activesupport (= 3.2.4)
      builder (~> 3.0.0)
    activerecord (3.2.4)
      activemodel (= 3.2.4)
      activesupport (= 3.2.4)
      arel (~> 3.0.2)
      tzinfo (~> 0.3.29)
    activesupport (3.2.4)
      i18n (~> 0.6)
      multi_json (~> 1.0)
    addressable (2.2.8)
    arel (3.0.2)
    builder (3.0.0)
    capybara (1.1.2)
      mime-types (>= 1.16)
      nokogiri (>= 1.3.3)
      rack (>= 1.0.0)
      rack-test (>= 0.5.4)
      selenium-webdriver (~> 2.0)
      xpath (~> 0.1.4)
    childprocess (0.3.2)
      ffi (~> 1.0.6)
    diff-lcs (1.1.3)
    ffi (1.0.11)
    hashie (1.2.0)
    i18n (0.6.0)
    libwebsocket (0.1.3)
      addressable
    mime-types (1.18)
    multi_json (1.3.6)
    nokogiri (1.5.2)
    omniauth (1.1.0)
      hashie (~> 1.2)
      rack
    omniauth-openid (1.0.1)
      omniauth (~> 1.0)
      rack-openid (~> 1.3.1)
    rack (1.4.1)
    rack-openid (1.3.1)
      rack (>= 1.1.0)
      ruby-openid (>= 2.1.8)
    rack-protection (1.2.0)
      rack
    rack-test (0.6.1)
      rack (>= 1.0)
    rake (0.9.2.2)
    rspec (2.10.0)
      rspec-core (~> 2.10.0)
      rspec-expectations (~> 2.10.0)
      rspec-mocks (~> 2.10.0)
    rspec-core (2.10.1)
    rspec-expectations (2.10.0)
      diff-lcs (~> 1.1.3)
    rspec-mocks (2.10.1)
    rspec_hpricot_matchers (1.0)
    ruby-openid (2.1.8)
    rubyzip (0.9.8)
    selenium-webdriver (2.21.2)
      childprocess (>= 0.2.5)
      ffi (~> 1.0)
      libwebsocket (~> 0.1.3)
      multi_json (~> 1.0)
      rubyzip
    sinatra (1.3.2)
      rack (~> 1.3, >= 1.3.6)
      rack-protection (~> 1.2)
      tilt (~> 1.3, >= 1.3.3)
    sinatra-activerecord (1.1.0)
      activerecord (~> 3.0)
      sinatra (~> 1.0)
    sinatra-tests (0.1.6)
      rack-test (>= 0.5.3)
      rspec (>= 1.3.0)
      rspec_hpricot_matchers (>= 1.0)
      sinatra (>= 0.10.1)
    sqlite3 (1.3.6)
    tilt (1.3.3)
    tzinfo (0.3.33)
    xpath (0.1.4)
      nokogiri (~> 1.3)

PLATFORMS
  ruby

DEPENDENCIES
  activerecord
  capybara
  rack-test
  rake
  sinatra
  sinatra-activerecord
  sinatra-google-auth!
  sinatra-tests
  sqlite3
