GIT
  remote: git@github.com:HungryAcademyTeam4/sinatra-google-auth.git
  revision: 55af0a51f95c7d9517f89039944b1232cc20f80f
  specs:
    sinatra-google-auth (0.0.5)
      omniauth-openid

GEM
  remote: http://rubygems.org/
  specs:
    activemodel (3.2.4)
      activesupport (= 3.2.4)
      builder (~> 3.0.0)
    activerecord (3.2.4)
      activemodel (= 3.2.4)
      activesupport (= 3.2.4)
      arel (~> 3.0.2)
      tzinfo (~> 0.3.29)
    activesupport (3.2.4)
      i18n (~> 0.6)
      multi_json (~> 1.0)
    arel (3.0.2)
    builder (3.0.0)
    hashie (1.2.0)
    i18n (0.6.0)
    multi_json (1.3.6)
    omniauth (1.1.0)
      hashie (~> 1.2)
      rack
    omniauth-openid (1.0.1)
      omniauth (~> 1.0)
      rack-openid (~> 1.3.1)
    rack (1.4.1)
    rack-openid (1.3.1)
      rack (>= 1.1.0)
      ruby-openid (>= 2.1.8)
    rack-protection (1.2.0)
      rack
    rake (0.9.2.2)
    ruby-openid (2.1.8)
    sinatra (1.3.2)
      rack (~> 1.3, >= 1.3.6)
      rack-protection (~> 1.2)
      tilt (~> 1.3, >= 1.3.3)
    sinatra-activerecord (1.1.0)
      activerecord (~> 3.0)
      sinatra (~> 1.0)
    sqlite3 (1.3.6)
    tilt (1.3.3)
    tzinfo (0.3.33)

PLATFORMS
  ruby

DEPENDENCIES
  activerecord
  rake
  sinatra
  sinatra-activerecord
  sinatra-google-auth!
  sqlite3
